GEM
  remote: https://rubygems.org/
  specs:
    nio4r (2.7.3)
    puma (5.6.9)
      nio4r (~> 2.0)
    rack (2.2.8.1)

PLATFORMS
  x86_64-linux

DEPENDENCIES
  puma (~> 5.6.9)
  rack (~> 2.2)

BUNDLED WITH
   2.2.11
